GEM
  remote: https://rubygems.org/
  specs:
    builder (3.2.4)
    faraday (2.7.1)
      faraday-net_http (>= 2.0, < 3.1)
      ruby2_keywords (>= 0.0.4)
    faraday-net_http (3.0.2)
    geminabox (2.1.0)
      builder
      faraday (> 1.0, < 3.0)
      httpclient (>= 2.2.7)
      nesty
      reentrant_flock
      sinatra (~> 2.0)
    httpclient (2.8.3)
    mustermann (2.0.2)
      ruby2_keywords (~> 0.0.1)
    nesty (1.0.2)
    nio4r (2.5.8)
    puma (6.0.0)
      nio4r (~> 2.0)
    rack (2.2.4)
    rack-protection (2.2.3)
      rack
    reentrant_flock (0.1.1)
    ruby2_keywords (0.0.5)
    sinatra (2.2.3)
      mustermann (~> 2.0)
      rack (~> 2.2)
      rack-protection (= 2.2.3)
      tilt (~> 2.0)
    tilt (2.0.11)

PLATFORMS
  ruby

DEPENDENCIES
  geminabox
  puma (>= 6.0.0)

BUNDLED WITH
   2.3.15
