GEM
  remote: https://rubygems.org/
  specs:
    builder (3.2.4)
    faraday (0.17.1)
      multipart-post (>= 1.2, < 3)
    geminabox (1.1.1)
      builder
      faraday
      httpclient (>= 2.2.7)
      nesty
      reentrant_flock
      sinatra (>= 1.2.7)
    httpclient (2.8.3)
    multipart-post (2.1.1)
    mustermann (1.0.3)
    nesty (1.0.2)
    rack (2.0.8)
    rack-protection (2.0.7)
      rack
    reentrant_flock (0.1.1)
    sinatra (2.0.7)
      mustermann (~> 1.0)
      rack (~> 2.0)
      rack-protection (= 2.0.7)
      tilt (~> 2.0)
    tilt (2.0.10)

PLATFORMS
  ruby

DEPENDENCIES
  geminabox

BUNDLED WITH
   1.17.3
